GEM
  remote: https://rubygems.org/
  specs:
    server_log_parser (0.4.1)

PLATFORMS
  ruby

DEPENDENCIES
  server_log_parser

BUNDLED WITH
   1.16.2
